PATH
  remote: .
  specs:
    rfunk (1.1.0)
      concurrent-ruby (~> 0.9.1)
      concurrent-ruby-ext (~> 0.9.1)
      hamster (~> 2.0.0)
      ice_nine (~> 0.11.0)

GEM
  remote: https://rubygems.org/
  specs:
    ast (2.3.0)
    astrolabe (1.3.1)
      parser (~> 2.2)
    concurrent-ruby (0.9.2)
    concurrent-ruby-ext (0.9.2)
      concurrent-ruby (~> 0.9.2)
    diff-lcs (1.2.5)
    given_core (3.7.1)
      sorcerer (>= 0.3.7)
    hamster (2.0.0)
      concurrent-ruby (~> 0.8)
    ice_nine (0.11.2)
    parser (2.3.3.1)
      ast (~> 2.2)
    powerpack (0.1.1)
    rainbow (2.1.0)
    rake (10.4.2)
    rspec (3.3.0)
      rspec-core (~> 3.3.0)
      rspec-expectations (~> 3.3.0)
      rspec-mocks (~> 3.3.0)
    rspec-core (3.3.2)
      rspec-support (~> 3.3.0)
    rspec-expectations (3.3.1)
      diff-lcs (>= 1.2.0, < 2.0)
      rspec-support (~> 3.3.0)
    rspec-given (3.7.1)
      given_core (= 3.7.1)
      rspec (>= 2.14.0)
    rspec-mocks (3.3.2)
      diff-lcs (>= 1.2.0, < 2.0)
      rspec-support (~> 3.3.0)
    rspec-support (3.3.0)
    rubocop (0.34.2)
      astrolabe (~> 1.3)
      parser (>= 2.2.2.5, < 3.0)
      powerpack (~> 0.1)
      rainbow (>= 1.99.1, < 3.0)
      ruby-progressbar (~> 1.4)
    ruby-progressbar (1.8.1)
    sorcerer (1.0.2)

PLATFORMS
  ruby

DEPENDENCIES
  rake (~> 10.4.2)
  rfunk!
  rspec (~> 3.3.0)
  rspec-given (~> 3.7.1)
  rubocop (~> 0.34.2)

BUNDLED WITH
   1.13.6
