PATH
  remote: .
  specs:
    rfunk (0.1.0)
      ice_nine (~> 0.11.0)

GEM
  remote: https://rubygems.org/
  specs:
    diff-lcs (1.2.5)
    given_core (3.5.4)
      sorcerer (>= 0.3.7)
    ice_nine (0.11.0)
    rspec (2.14.1)
      rspec-core (~> 2.14.0)
      rspec-expectations (~> 2.14.0)
      rspec-mocks (~> 2.14.0)
    rspec-core (2.14.8)
    rspec-expectations (2.14.5)
      diff-lcs (>= 1.1.3, < 2.0)
    rspec-given (3.5.4)
      given_core (= 3.5.4)
      rspec (>= 2.12)
    rspec-mocks (2.14.6)
    sorcerer (1.0.2)

PLATFORMS
  ruby

DEPENDENCIES
  rfunk!
  rspec-given (~> 3.5.4)
